GIT
  remote: https://github.com/fluent-plugins-nursery/win32-service
  revision: cfcc2007b3843127329d6a7307a62a927a714327
  branch: fluent-package
  specs:
    win32-service (2.3.2)
      ffi
      ffi-win32-extensions

GIT
  remote: https://github.com/fluent/fluentd
  revision: 13014c5935a52b9d6b5bf8e40e5b3cf8a149e7f6
  ref: 13014c5935a52b9d6b5bf8e40e5b3cf8a149e7f6
  specs:
    fluentd (1.16.8)
      bundler
      certstore_c (~> 0.1.7)
      console (< 1.24)
      cool.io (>= 1.4.5, < 2.0.0)
      fiddle (~> 1.1)
      http_parser.rb (>= 0.5.1, < 0.9.0)
      logger (~> 1.6)
      msgpack (>= 1.3.1, < 2.0.0)
      serverengine (>= 2.3.2, < 3.0.0)
      sigdump (~> 0.2.5)
      strptime (>= 0.2.4, < 1.0.0)
      tzinfo (>= 1.0, < 3.0)
      tzinfo-data (~> 1.0)
      webrick (~> 1.4)
      win32-event (~> 0.6.3)
      win32-ipc (~> 0.7.0)
      win32-service (~> 2.3.0)
      yajl-ruby (~> 1.0)

GEM
  remote: https://rubygems.org/
  specs:
    addressable (2.8.7)
      public_suffix (>= 2.0.2, < 7.0)
    async (1.31.0)
      console (~> 1.10)
      nio4r (~> 2.3)
      timers (~> 4.1)
    async-http (0.61.0)
      async (>= 1.25)
      async-io (>= 1.28)
      async-pool (>= 0.2)
      protocol-http (~> 0.25.0)
      protocol-http1 (~> 0.16.0)
      protocol-http2 (~> 0.15.0)
      traces (>= 0.10.0)
    async-io (1.43.2)
      async
    async-pool (0.10.3)
      async (>= 1.25)
    aws-eventstream (1.3.2)
    aws-partitions (1.785.0)
    aws-sdk-core (3.178.0)
      aws-eventstream (~> 1, >= 1.0.2)
      aws-partitions (~> 1, >= 1.651.0)
      aws-sigv4 (~> 1.5)
      jmespath (~> 1, >= 1.6.1)
    aws-sdk-kms (1.71.0)
      aws-sdk-core (~> 3, >= 3.177.0)
      aws-sigv4 (~> 1.1)
    aws-sdk-s3 (1.129.0)
      aws-sdk-core (~> 3, >= 3.177.0)
      aws-sdk-kms (~> 1)
      aws-sigv4 (~> 1.6)
    aws-sdk-sqs (1.61.0)
      aws-sdk-core (~> 3, >= 3.177.0)
      aws-sigv4 (~> 1.1)
    aws-sigv4 (1.6.0)
      aws-eventstream (~> 1, >= 1.0.2)
    base64 (0.2.0)
    bigdecimal (3.1.9)
    bindata (2.4.15)
    certstore_c (0.1.7)
    cmetrics (0.3.3)
      mini_portile2 (~> 2.7)
    concurrent-ruby (1.3.5)
    console (1.23.7)
      fiber-annotation
      fiber-local
      json
    cool.io (1.8.1)
    csv (3.3.4)
    digest-crc (0.7.0)
      rake (>= 12.0.0, < 14.0.0)
    digest-murmurhash (1.1.1)
    elastic-transport (8.4.0)
      faraday (< 3)
      multi_json
    elasticsearch (8.8.0)
      elastic-transport (~> 8)
      elasticsearch-api (= 8.8.0)
    elasticsearch-api (8.8.0)
      multi_json
    excon (1.2.5)
      logger
    faraday (2.13.1)
      faraday-net_http (>= 2.0, < 3.5)
      json
      logger
    faraday-excon (2.3.0)
      excon (>= 1.0.0)
      faraday (>= 2.11.0, < 3)
    faraday-net_http (3.4.0)
      net-http (>= 0.5.0)
    faraday_middleware-aws-sigv4 (1.0.1)
      aws-sigv4 (~> 1.0)
      faraday (>= 2.0, < 3)
    ffi (1.15.5)
    ffi-win32-extensions (1.0.4)
      ffi
    fiber-annotation (0.2.0)
    fiber-local (1.1.0)
      fiber-storage
    fiber-storage (1.0.1)
    fiddle (1.1.8)
    fileutils (1.7.3)
    fluent-config-regexp-type (1.0.0)
      fluentd (> 1.0.0, < 2)
    fluent-diagtool (1.0.5)
      fileutils
      json
    fluent-logger (0.9.1)
      msgpack (>= 1.0.0, < 2)
    fluent-plugin-calyptia-monitoring (0.1.3)
      fluent-plugin-metrics-cmetrics (>= 0.1.1)
      fluentd (>= 1.14.0, < 2)
    fluent-plugin-elasticsearch (5.4.4)
      elasticsearch
      excon
      faraday (>= 2.0.0)
      faraday-excon (>= 2.0.0)
      fluentd (>= 0.14.22)
    fluent-plugin-flowcounter-simple (0.1.0)
      fluentd (>= 1.0)
    fluent-plugin-kafka (0.19.3)
      fluentd (>= 0.10.58, < 2)
      ltsv
      ruby-kafka (>= 1.5.0, < 2)
    fluent-plugin-metrics-cmetrics (0.1.2)
      cmetrics (>= 0.2.0)
      fluentd (>= 0.14.0, < 2)
    fluent-plugin-opensearch (1.1.4)
      aws-sdk-core (~> 3)
      excon
      faraday (>= 2.0.0)
      faraday-excon (>= 2.0.0)
      faraday_middleware-aws-sigv4 (~> 1.0.1)
      fluentd (>= 0.14.22)
      opensearch-ruby
    fluent-plugin-parser-winevt_xml (0.2.7)
      base64 (~> 0.2)
      csv (~> 3.2)
      fluentd (>= 0.14.12, < 2)
      nokogiri (>= 1.12.5, < 1.17)
    fluent-plugin-prometheus (2.1.0)
      fluentd (>= 1.9.1, < 2)
      prometheus-client (>= 2.1.0)
    fluent-plugin-prometheus_pushgateway (0.1.1)
      fluent-plugin-prometheus (>= 2.0.0, < 2.2.0)
      prometheus-client (~> 2.1)
    fluent-plugin-record-modifier (2.1.1)
      fluentd (>= 1.0, < 2)
    fluent-plugin-rewrite-tag-filter (2.4.0)
      fluent-config-regexp-type
      fluentd (>= 0.14.2, < 2)
    fluent-plugin-s3 (1.7.2)
      aws-sdk-s3 (~> 1.60)
      aws-sdk-sqs (~> 1.23)
      fluentd (>= 0.14.22, < 2)
    fluent-plugin-sd-dns (0.1.0)
      fluentd (>= 1.8)
    fluent-plugin-systemd (1.1.1)
      fluentd (>= 0.14.11, < 2)
      systemd-journal (~> 2.1.0)
    fluent-plugin-td (1.2.0)
      fluentd (>= 0.14.13, < 2)
      td-client (>= 1.0.8)
    fluent-plugin-utmpx (0.5.0)
      fluentd (>= 0.14.10, < 2)
      linux-utmpx (~> 0.3.0)
    fluent-plugin-webhdfs (1.5.0)
      fluentd (>= 0.14.22)
      webhdfs (>= 0.10.0)
    fluent-plugin-windows-eventlog (0.8.3)
      fluentd (>= 0.14.12, < 2)
      win32-eventlog
      winevt_c (>= 0.10.1)
    fluent-plugin-windows-exporter (1.0.0)
      bindata (~> 2.4)
      fluentd (>= 0.14.10, < 2)
    hirb (0.7.3)
    http_parser.rb (0.8.0)
    httpclient (2.8.3)
    jmespath (1.6.2)
    json (2.11.3)
    linux-utmpx (0.3.0)
      bindata (~> 2.4.8)
    logger (1.7.0)
    ltsv (0.1.2)
    mini_portile2 (2.8.2)
    msgpack (1.7.5)
    multi_json (1.15.0)
    mutex_m (0.3.0)
    net-http (0.6.0)
      uri
    nio4r (2.7.4)
    nokogiri (1.16.8)
      mini_portile2 (~> 2.8.2)
      racc (~> 1.4)
    oj (3.16.5)
      bigdecimal (>= 3.0)
      ostruct (>= 0.2)
    opensearch-api (2.2.0)
      multi_json
    opensearch-ruby (2.1.0)
      opensearch-api (~> 2.1)
      opensearch-transport (~> 2.0)
    opensearch-transport (2.1.0)
      faraday (>= 1.0, < 3)
      multi_json
    openssl (3.3.0)
    ostruct (0.6.1)
    parallel (1.20.1)
    prometheus-client (2.1.0)
    protocol-hpack (1.5.1)
    protocol-http (0.25.0)
    protocol-http1 (0.16.1)
      protocol-http (~> 0.22)
    protocol-http2 (0.15.1)
      protocol-hpack (~> 1.4)
      protocol-http (~> 0.18)
    public_suffix (6.0.2)
    racc (1.8.1)
    rake (13.2.1)
    rdkafka (0.12.0)
      ffi (~> 1.15)
      mini_portile2 (~> 2.6)
      rake (> 12)
    rexml (3.4.1)
    ruby-kafka (1.5.0)
      digest-crc
    ruby-progressbar (1.13.0)
    rubyzip (1.3.0)
    serverengine (2.3.2)
      sigdump (~> 0.2.2)
    sigdump (0.2.5)
    strptime (0.2.5)
    systemd-journal (2.1.0)
      ffi (~> 1.9)
    td (0.17.1)
      hirb (>= 0.4.5)
      msgpack
      parallel (~> 1.20.0)
      rexml
      ruby-progressbar (~> 1.7)
      rubyzip (~> 1.3.0)
      td-client (>= 1.0.8, < 2)
      td-logger (>= 0.3.21, < 2)
      yajl-ruby (>= 1.3.1, < 2.0)
      zip-zip (~> 0.3)
    td-client (1.0.8)
      httpclient (>= 2.7)
      msgpack (>= 0.5.6, < 2)
    td-logger (0.4.0)
      fluent-logger (>= 0.5.0, < 2.0)
      logger
      msgpack (>= 0.5.6, < 2.0)
      mutex_m (>= 0.2.0, < 1.0)
      td-client (>= 1.0.8, < 3.0)
    timers (4.4.0)
    traces (0.15.2)
    tzinfo (2.0.6)
      concurrent-ruby (~> 1.0)
    tzinfo-data (1.2025.2)
      tzinfo (>= 1.0.0)
    uri (1.0.3)
    webhdfs (0.10.2)
      addressable
    webrick (1.8.2)
    win32-event (0.6.3)
      win32-ipc (>= 0.6.0)
    win32-eventlog (0.6.7)
      ffi
    win32-ipc (0.7.0)
      ffi
    winevt_c (0.10.2)
    yajl-ruby (1.4.3)
    zip-zip (0.3)
      rubyzip (>= 1.0.0)

PLATFORMS
  x64-mingw-ucrt
  x64-mingw32
  x86_64-darwin-18
  x86_64-linux

DEPENDENCIES
  async (= 1.31.0)
  async-http (= 0.61.0)
  aws-partitions (= 1.785.0)
  aws-sdk-core (= 3.178.0)
  aws-sdk-kms (= 1.71.0)
  aws-sdk-s3 (= 1.129.0)
  aws-sdk-sqs (= 1.61.0)
  aws-sigv4 (= 1.6.0)
  bundler (= 2.3.27)
  cmetrics (= 0.3.3)
  cool.io (= 1.8.1)
  digest-murmurhash (= 1.1.1)
  elasticsearch (= 8.8.0)
  ffi (= 1.15.5)
  ffi-win32-extensions (= 1.0.4)
  fluent-diagtool (= 1.0.5)
  fluent-plugin-calyptia-monitoring (= 0.1.3)
  fluent-plugin-elasticsearch (= 5.4.4)
  fluent-plugin-flowcounter-simple (= 0.1.0)
  fluent-plugin-kafka (= 0.19.3)
  fluent-plugin-metrics-cmetrics (= 0.1.2)
  fluent-plugin-opensearch (= 1.1.4)
  fluent-plugin-parser-winevt_xml (= 0.2.7)
  fluent-plugin-prometheus (= 2.1.0)
  fluent-plugin-prometheus_pushgateway (= 0.1.1)
  fluent-plugin-record-modifier (= 2.1.1)
  fluent-plugin-rewrite-tag-filter (= 2.4.0)
  fluent-plugin-s3 (= 1.7.2)
  fluent-plugin-sd-dns (= 0.1.0)
  fluent-plugin-systemd (= 1.1.1)
  fluent-plugin-td (= 1.2.0)
  fluent-plugin-utmpx (= 0.5.0)
  fluent-plugin-webhdfs (= 1.5.0)
  fluent-plugin-windows-eventlog (= 0.8.3)
  fluent-plugin-windows-exporter (= 1.0.0)
  fluentd!
  http_parser.rb (= 0.8.0)
  httpclient (= 2.8.3)
  jmespath (= 1.6.2)
  mini_portile2 (= 2.8.2)
  msgpack (= 1.7.5)
  nokogiri (= 1.16.8)
  oj (= 3.16.5)
  opensearch-ruby (= 2.1.0)
  openssl (= 3.3.0)
  prometheus-client (= 2.1.0)
  rake
  rdkafka (= 0.12.0)
  ruby-kafka (= 1.5.0)
  serverengine (= 2.3.2)
  sigdump (= 0.2.5)
  systemd-journal (= 2.1.0)
  td (= 0.17.1)
  td-client (= 1.0.8)
  tzinfo (= 2.0.6)
  tzinfo-data (= 1.2025.2)
  webhdfs (= 0.10.2)
  webrick (= 1.8.2)
  win32-event (= 0.6.3)
  win32-eventlog (= 0.6.7)
  win32-ipc (= 0.7.0)
  win32-service!
  winevt_c (= 0.10.2)
  yajl-ruby (= 1.4.3)

BUNDLED WITH
   2.3.27
