GIT
  remote: https://github.com/fluent-plugins-nursery/win32-service
  revision: cfcc2007b3843127329d6a7307a62a927a714327
  branch: fluent-package
  specs:
    win32-service (2.3.2)
      ffi
      ffi-win32-extensions

GIT
  remote: https://github.com/fluent/fluentd
  revision: ed15edc4b7c86c1fcea3fbf326b7c42325e6fc71
  ref: ed15edc4b7c86c1fcea3fbf326b7c42325e6fc71
  specs:
    fluentd (1.19.0)
      async-http (~> 0.86)
      base64 (~> 0.2)
      bundler
      certstore_c (~> 0.1.7)
      cool.io (>= 1.4.5, < 2.0.0)
      csv (~> 3.2)
      drb (~> 2.2)
      fiddle (~> 1.1)
      http_parser.rb (>= 0.5.1, < 0.9.0)
      io-event (< 1.11.0)
      io-stream (< 0.8.0)
      logger (~> 1.6)
      msgpack (>= 1.3.1, < 2.0.0)
      serverengine (>= 2.3.2, < 3.0.0)
      sigdump (~> 0.2.5)
      strptime (>= 0.2.4, < 1.0.0)
      tzinfo (>= 1.0, < 3.0)
      tzinfo-data (~> 1.0)
      uri (~> 1.0)
      webrick (~> 1.4)
      win32-event (~> 0.6.3)
      win32-ipc (~> 0.7.0)
      win32-service (~> 2.3.0)
      yajl-ruby (~> 1.0)
      zstd-ruby (~> 1.5)

GEM
  remote: https://rubygems.org/
  specs:
    addressable (2.8.7)
      public_suffix (>= 2.0.2, < 7.0)
    async (2.24.0)
      console (~> 1.29)
      fiber-annotation
      io-event (~> 1.9)
      metrics (~> 0.12)
      traces (~> 0.15)
    async-http (0.89.0)
      async (>= 2.10.2)
      async-pool (~> 0.9)
      io-endpoint (~> 0.14)
      io-stream (~> 0.6)
      metrics (~> 0.12)
      protocol-http (~> 0.49)
      protocol-http1 (~> 0.30)
      protocol-http2 (~> 0.22)
      traces (~> 0.10)
    async-pool (0.11.0)
      async (>= 2.0)
    aws-eventstream (1.4.0)
    aws-partitions (1.1150.0)
    aws-sdk-core (3.230.0)
      aws-eventstream (~> 1, >= 1.3.0)
      aws-partitions (~> 1, >= 1.992.0)
      aws-sigv4 (~> 1.9)
      base64
      bigdecimal
      jmespath (~> 1, >= 1.6.1)
      logger
    aws-sdk-kms (1.110.0)
      aws-sdk-core (~> 3, >= 3.228.0)
      aws-sigv4 (~> 1.5)
    aws-sdk-s3 (1.197.0)
      aws-sdk-core (~> 3, >= 3.228.0)
      aws-sdk-kms (~> 1)
      aws-sigv4 (~> 1.5)
    aws-sdk-sqs (1.101.0)
      aws-sdk-core (~> 3, >= 3.228.0)
      aws-sigv4 (~> 1.5)
    aws-sigv4 (1.12.1)
      aws-eventstream (~> 1, >= 1.0.2)
    base64 (0.3.0)
    bigdecimal (3.2.2)
    bindata (2.4.15)
    capng_c (0.2.3)
    certstore_c (0.1.7)
    cmetrics (0.3.3)
      mini_portile2 (~> 2.7)
    concurrent-ruby (1.3.5)
    console (1.33.0)
      fiber-annotation
      fiber-local (~> 1.1)
      json
    cool.io (1.9.0)
    csv (3.3.5)
    digest-crc (0.7.0)
      rake (>= 12.0.0, < 14.0.0)
    digest-murmurhash (1.1.1)
    drb (2.2.3)
    elastic-transport (8.4.0)
      faraday (< 3)
      multi_json
    elasticsearch (8.19.0)
      elastic-transport (~> 8.3)
      elasticsearch-api (= 8.19.0)
    elasticsearch-api (8.19.0)
      multi_json
    excon (1.3.0)
      logger
    faraday (2.13.4)
      faraday-net_http (>= 2.0, < 3.5)
      json
      logger
    faraday-excon (2.3.0)
      excon (>= 1.0.0)
      faraday (>= 2.11.0, < 3)
    faraday-net_http (3.4.1)
      net-http (>= 0.5.0)
    faraday_middleware-aws-sigv4 (1.0.1)
      aws-sigv4 (~> 1.0)
      faraday (>= 2.0, < 3)
    ffi (1.17.0)
    ffi-win32-extensions (1.1.0)
      ffi (>= 1.15.5, <= 1.17.0)
    fiber-annotation (0.2.0)
    fiber-local (1.1.0)
      fiber-storage
    fiber-storage (1.0.1)
    fiddle (1.1.8)
    fileutils (1.7.3)
    fluent-config-regexp-type (1.0.0)
      fluentd (> 1.0.0, < 2)
    fluent-diagtool (1.0.5)
      fileutils
      json
    fluent-logger (0.9.1)
      msgpack (>= 1.0.0, < 2)
    fluent-plugin-elasticsearch (6.0.0)
      elasticsearch
      excon
      faraday (>= 2.0.0)
      faraday-excon (>= 2.0.0)
      fluentd (>= 0.14.22)
    fluent-plugin-flowcounter-simple (0.1.0)
      fluentd (>= 1.0)
    fluent-plugin-fluent-package-update-notifier (0.2.3)
      fluentd (>= 0.14.10, < 2)
      specinfra (~> 2.94.1)
    fluent-plugin-kafka (0.19.5)
      bigdecimal (~> 3.1)
      fluentd (>= 0.10.58, < 2)
      ltsv
      ruby-kafka (>= 1.5.0, < 2)
    fluent-plugin-metrics-cmetrics (0.1.2)
      cmetrics (>= 0.2.0)
      fluentd (>= 0.14.0, < 2)
    fluent-plugin-obsolete-plugins (0.2.2)
      fluentd (>= 0.14.10, < 2)
    fluent-plugin-opensearch (1.1.5)
      aws-sdk-core (~> 3)
      excon
      faraday (>= 2.0.0)
      faraday-excon (>= 2.0.0)
      faraday_middleware-aws-sigv4 (~> 1.0.1)
      fluentd (>= 0.14.22)
      opensearch-ruby (>= 3.0.1)
    fluent-plugin-opentelemetry (0.3.0)
      async-http (~> 0.88)
      excon (~> 1.2)
      fluentd (~> 1.18)
      google-protobuf (~> 4.30)
    fluent-plugin-parser-winevt_xml (0.2.8)
      base64 (~> 0.2)
      csv (~> 3.2)
      fluentd (>= 0.14.12, < 2)
      nokogiri (>= 1.12.5)
    fluent-plugin-prometheus (2.2.1)
      fluentd (>= 1.9.1, < 2)
      prometheus-client (>= 2.1.0)
    fluent-plugin-prometheus_pushgateway (0.2.1)
      fluent-plugin-prometheus (>= 2.0.0, < 3)
    fluent-plugin-record-modifier (2.2.1)
      fluentd (>= 1.1, < 2)
    fluent-plugin-rewrite-tag-filter (2.4.0)
      fluent-config-regexp-type
      fluentd (>= 0.14.2, < 2)
    fluent-plugin-s3 (1.8.3)
      aws-sdk-s3 (~> 1.60)
      aws-sdk-sqs (~> 1.23)
      fluentd (>= 0.14.22, < 2)
    fluent-plugin-sd-dns (0.1.0)
      fluentd (>= 1.8)
    fluent-plugin-systemd (1.1.1)
      fluentd (>= 0.14.11, < 2)
      systemd-journal (~> 2.1.0)
    fluent-plugin-td (1.2.0)
      fluentd (>= 0.14.13, < 2)
      td-client (>= 1.0.8)
    fluent-plugin-utmpx (0.5.0)
      fluentd (>= 0.14.10, < 2)
      linux-utmpx (~> 0.3.0)
    fluent-plugin-webhdfs (1.6.0)
      fluentd (>= 0.14.22)
      webhdfs (>= 0.11.0)
    fluent-plugin-windows-eventlog (0.9.1)
      fluentd (>= 0.14.12, < 2)
      win32-eventlog
      winevt_c (>= 0.11.0)
    fluent-plugin-windows-exporter (1.0.0)
      bindata (~> 2.4)
      fluentd (>= 0.14.10, < 2)
    google-protobuf (4.32.0-aarch64-linux-gnu)
      bigdecimal
      rake (>= 13)
    google-protobuf (4.32.0-x64-mingw-ucrt)
      bigdecimal
      rake (>= 13)
    google-protobuf (4.32.0-x86_64-linux-gnu)
      bigdecimal
      rake (>= 13)
    hirb (0.7.3)
    http_parser.rb (0.8.0)
    httpclient (2.9.0)
      mutex_m
    io-endpoint (0.15.2)
    io-event (1.10.2)
    io-stream (0.7.0)
    jmespath (1.6.2)
    json (2.13.2)
    linux-utmpx (0.3.0)
      bindata (~> 2.4.8)
    logger (1.7.0)
    ltsv (0.1.2)
    metrics (0.14.0)
    mini_portile2 (2.8.9)
    msgpack (1.8.0)
    multi_json (1.17.0)
    mutex_m (0.3.0)
    net-http (0.6.0)
      uri
    net-scp (4.1.0)
      net-ssh (>= 2.6.5, < 8.0.0)
    net-ssh (7.3.0)
    net-telnet (0.2.0)
    nokogiri (1.18.9)
      mini_portile2 (~> 2.8.2)
      racc (~> 1.4)
    oj (3.16.11)
      bigdecimal (>= 3.0)
      ostruct (>= 0.2)
    opensearch-ruby (3.4.0)
      faraday (>= 1.0, < 3)
      multi_json (>= 1.0)
    ostruct (0.6.3)
    parallel (1.20.1)
    prometheus-client (4.2.5)
      base64
    protocol-hpack (1.5.1)
    protocol-http (0.53.0)
    protocol-http1 (0.35.0)
      protocol-http (~> 0.22)
    protocol-http2 (0.22.1)
      protocol-hpack (~> 1.4)
      protocol-http (~> 0.47)
    public_suffix (6.0.2)
    racc (1.8.1)
    rake (13.3.0)
    rdkafka (0.21.0)
      ffi (~> 1.15)
      mini_portile2 (~> 2.6)
      rake (> 12)
    rexml (3.4.1)
    ruby-kafka (1.5.0)
      digest-crc
    ruby-progressbar (1.13.0)
    rubyzip (1.3.0)
    serverengine (2.4.0)
      base64 (~> 0.1)
      logger (~> 1.4)
      sigdump (~> 0.2.2)
    sfl (2.3)
    sigdump (0.2.5)
    specinfra (2.94.1)
      base64
      net-scp
      net-ssh (>= 2.7)
      net-telnet
      sfl
    strptime (0.2.5)
    systemd-journal (2.1.1)
      ffi (~> 1.9)
    td (0.19.0)
      csv
      hirb (>= 0.4.5)
      msgpack
      parallel (~> 1.20.0)
      rexml
      ruby-progressbar (~> 1.7)
      rubyzip (~> 1.3.0)
      td-client (>= 1.0.8, < 4)
      td-logger (>= 0.3.21, < 2)
      yajl-ruby (>= 1.3.1, < 2.0)
      zip-zip (~> 0.3)
    td-client (3.0.0)
      httpclient (>= 2.7)
      msgpack (>= 0.5.6, < 2)
    td-logger (0.5.0)
      fluent-logger (>= 0.5.0, < 2.0)
      logger
      msgpack (>= 0.5.6, < 2.0)
      mutex_m (>= 0.2.0, < 1.0)
      td-client (>= 1.0.8, < 4.0)
    traces (0.18.1)
    tzinfo (2.0.6)
      concurrent-ruby (~> 1.0)
    tzinfo-data (1.2025.2)
      tzinfo (>= 1.0.0)
    uri (1.0.3)
    webhdfs (0.11.0)
      addressable
    webrick (1.9.1)
    win32-event (0.6.3)
      win32-ipc (>= 0.6.0)
    win32-eventlog (0.6.7)
      ffi
    win32-ipc (0.7.0)
      ffi
    winevt_c (0.11.2)
    yajl-ruby (1.4.3)
    zip-zip (0.3)
      rubyzip (>= 1.0.0)
    zstd-ruby (1.5.7.0)

PLATFORMS
  aarch64-linux
  x64-mingw-ucrt
  x86_64-linux

DEPENDENCIES
  async (= 2.24.0)
  async-http (= 0.89.0)
  aws-partitions (= 1.1150.0)
  aws-sdk-core (= 3.230.0)
  aws-sdk-kms (= 1.110.0)
  aws-sdk-s3 (= 1.197.0)
  aws-sdk-sqs (= 1.101.0)
  aws-sigv4 (= 1.12.1)
  bundler (= 2.3.27)
  capng_c (= 0.2.3)
  cmetrics (= 0.3.3)
  cool.io (= 1.9.0)
  digest-murmurhash (= 1.1.1)
  elasticsearch (= 8.19.0)
  ffi (= 1.17.0)
  ffi-win32-extensions (= 1.1.0)
  fiddle (= 1.1.8)
  fluent-diagtool (= 1.0.5)
  fluent-plugin-elasticsearch (= 6.0.0)
  fluent-plugin-flowcounter-simple (= 0.1.0)
  fluent-plugin-fluent-package-update-notifier (= 0.2.3)
  fluent-plugin-kafka (= 0.19.5)
  fluent-plugin-metrics-cmetrics (= 0.1.2)
  fluent-plugin-obsolete-plugins (= 0.2.2)
  fluent-plugin-opensearch (= 1.1.5)
  fluent-plugin-opentelemetry (= 0.3.0)
  fluent-plugin-parser-winevt_xml (= 0.2.8)
  fluent-plugin-prometheus (= 2.2.1)
  fluent-plugin-prometheus_pushgateway (= 0.2.1)
  fluent-plugin-record-modifier (= 2.2.1)
  fluent-plugin-rewrite-tag-filter (= 2.4.0)
  fluent-plugin-s3 (= 1.8.3)
  fluent-plugin-sd-dns (= 0.1.0)
  fluent-plugin-systemd (= 1.1.1)
  fluent-plugin-td (= 1.2.0)
  fluent-plugin-utmpx (= 0.5.0)
  fluent-plugin-webhdfs (= 1.6.0)
  fluent-plugin-windows-eventlog (= 0.9.1)
  fluent-plugin-windows-exporter (= 1.0.0)
  fluentd!
  http_parser.rb (= 0.8.0)
  httpclient (= 2.9.0)
  jmespath (= 1.6.2)
  mini_portile2 (= 2.8.9)
  msgpack (= 1.8.0)
  nokogiri (= 1.18.9)
  oj (= 3.16.11)
  opensearch-ruby (= 3.4.0)
  prometheus-client (= 4.2.5)
  rake
  rdkafka (= 0.21.0)
  ruby-kafka (= 1.5.0)
  serverengine (= 2.4.0)
  sigdump (= 0.2.5)
  td (= 0.19.0)
  td-client (= 3.0.0)
  tzinfo (= 2.0.6)
  tzinfo-data (= 1.2025.2)
  webhdfs (= 0.11.0)
  webrick (= 1.9.1)
  win32-event (= 0.6.3)
  win32-eventlog (= 0.6.7)
  win32-ipc (= 0.7.0)
  win32-service!
  winevt_c (= 0.11.2)
  yajl-ruby (= 1.4.3)

BUNDLED WITH
   2.3.27
